STRATEGY: MIN
RESTRICTION: || (== net40) (== net45)
NUGET
  remote: https://api.nuget.org/v3/index.json
    FSharp.Core (4.0.0.1)
    HtmlAgilityPack (1.6.6)
    Microsoft.CodeAnalysis.Analyzers (1.0)
    Microsoft.CodeAnalysis.Common (1.0)
      Microsoft.CodeAnalysis.Analyzers (1.0)
      System.Collections.Immutable (>= 1.1.36)
      System.Reflection.Metadata (>= 1.0.21)
    Microsoft.CodeAnalysis.CSharp (1.0)
      Microsoft.CodeAnalysis.Common (1.0)
    System.Collections.Immutable (1.1.36)
    System.Reflection.Metadata (1.0.21)
      System.Collections.Immutable (>= 1.1.36)
    System.ValueTuple (4.3)
  remote: https://nuget.intellifactory.com/nuget
    WebSharper (4.1.0.150-alpha)
    WebSharper.CSharp (4.1.0.150-alpha)
      WebSharper (4.1.0.150-alpha)
    WebSharper.FSharp (4.1.0.150-alpha)
      WebSharper (4.1.0.150-alpha)
    WebSharper.Testing (4.1.0.150-alpha)
      WebSharper (4.1.0.150-alpha)
GITHUB
  remote: tarmil/FSharp.TypeProviders.SDK
    src/ProvidedTypes.fs (1b46411cf45dd98aef95e05707b89558d95bba1a)
    src/ProvidedTypes.fsi (1b46411cf45dd98aef95e05707b89558d95bba1a)
GROUP build
RESTRICTION: == net45
NUGET
  remote: https://api.nuget.org/v3/index.json
    Chessie (0.6)
      FSharp.Core
    FAKE (4.63.2)
    FSharp.Compiler.Tools (4.1.29)
    FSharp.Core (4.2.3)
    Mono.Cecil (0.10.0-beta7)
    Newtonsoft.Json (10.0.3)
    Paket.Core (5.108)
      Chessie (>= 0.6)
      FSharp.Compiler.Tools
      FSharp.Core
      Mono.Cecil (>= 0.10.0-beta6)
      Newtonsoft.Json
GITHUB
  remote: intellifactory/websharper
    tools/WebSharper.Fake.cmd (68b64f299d66f5e36e9e737bbbc4f5bf1e4ee81e)
    tools/WebSharper.Fake.fsx (68b64f299d66f5e36e9e737bbbc4f5bf1e4ee81e)
    tools/WebSharper.Fake.sh (68b64f299d66f5e36e9e737bbbc4f5bf1e4ee81e)