STRATEGY: MIN
RESTRICTION: || (== net40) (== net45)
NUGET
  remote: https://api.nuget.org/v3/index.json
    FSharp.Core (4.0.0.1)
    HtmlAgilityPack (1.5.2-beta5)
    Microsoft.CodeAnalysis.Analyzers (1.0)
    Microsoft.CodeAnalysis.Common (1.0)
      Microsoft.CodeAnalysis.Analyzers (1.0)
      System.Collections.Immutable (>= 1.1.36)
      System.Reflection.Metadata (>= 1.0.21)
    Microsoft.CodeAnalysis.CSharp (1.0)
      Microsoft.CodeAnalysis.Common (1.0)
    System.Collections.Immutable (1.1.36)
    System.Reflection.Metadata (1.0.21)
      System.Collections.Immutable (>= 1.1.36)
    System.ValueTuple (4.3)
  remote: c:/Users/tarmil/localnuget
    WebSharper (4.1.0.138-alpha)
    WebSharper.CSharp (4.1.0.138-alpha)
      WebSharper (4.1.0.138-alpha)
    WebSharper.FSharp (4.1.0.138-alpha)
      WebSharper (4.1.0.138-alpha)
    WebSharper.Testing (4.1.0.138-alpha)
      WebSharper (4.1.0.138-alpha)
GITHUB
  remote: tarmil/FSharp.TypeProviders.SDK
    src/ProvidedTypes.fs (8d0c0b3ccd5c8892a4dcc94306e02cbe9831b7dc)
    src/ProvidedTypes.fsi (8d0c0b3ccd5c8892a4dcc94306e02cbe9831b7dc)
GROUP build
RESTRICTION: == net45
NUGET
  remote: https://api.nuget.org/v3/index.json
    Chessie (0.6)
      FSharp.Core
    FAKE (4.63.2)
    FSharp.Compiler.Tools (4.1.29)
    FSharp.Core (4.2.3)
    Mono.Cecil (0.10.0-beta7)
    Newtonsoft.Json (10.0.3)
    Paket.Core (5.108)
      Chessie (>= 0.6)
      FSharp.Compiler.Tools
      FSharp.Core
      Mono.Cecil (>= 0.10.0-beta6)
      Newtonsoft.Json
GITHUB
  remote: intellifactory/websharper
    tools/WebSharper.Fake.cmd (297e4a7802729887f056024a3de4a0b73ba8a2c0)
    tools/WebSharper.Fake.fsx (297e4a7802729887f056024a3de4a0b73ba8a2c0)
    tools/WebSharper.Fake.sh (297e4a7802729887f056024a3de4a0b73ba8a2c0)