STRATEGY: MIN
RESTRICTION: || (== net40) (== net45)
NUGET
  remote: https://api.nuget.org/v3/index.json
    FSharp.Core (4.0.0.1)
    HtmlAgilityPack (1.6.17)
    Microsoft.CodeAnalysis.Analyzers (1.0)
    Microsoft.CodeAnalysis.Common (1.0)
      Microsoft.CodeAnalysis.Analyzers (1.0)
      System.Collections.Immutable (>= 1.1.36)
      System.Reflection.Metadata (>= 1.0.21)
    Microsoft.CodeAnalysis.CSharp (1.0)
      Microsoft.CodeAnalysis.Common (1.0)
    System.Collections.Immutable (1.1.36)
    System.Reflection.Metadata (1.0.21)
      System.Collections.Immutable (>= 1.1.36)
    System.ValueTuple (4.3)
  remote: https://nuget.intellifactory.com/nuget
    WebSharper (4.1.8.233)
    WebSharper.CSharp (4.1.8.233)
      WebSharper (4.1.8.233)
    WebSharper.FSharp (4.1.8.233)
      WebSharper (4.1.8.233)
    WebSharper.Testing (4.1.8.233)
      WebSharper (4.1.8.233)
GITHUB
  remote: tarmil/FSharp.TypeProviders.SDK
    src/ProvidedTypes.fs (1b46411cf45dd98aef95e05707b89558d95bba1a)
    src/ProvidedTypes.fsi (1b46411cf45dd98aef95e05707b89558d95bba1a)
GROUP build
RESTRICTION: == net45
NUGET
  remote: https://api.nuget.org/v3/index.json
    Chessie (0.6)
      FSharp.Core
    FAKE (4.64.6)
    FSharp.Compiler.Tools (10.0.1)
    FSharp.Core (4.3.4)
    Mono.Cecil (0.10.0-beta7)
    Newtonsoft.Json (11.0.1)
    Paket.Core (5.122.3)
      Chessie (>= 0.6)
      FSharp.Compiler.Tools
      FSharp.Core
      Mono.Cecil (>= 0.10.0-beta6)
      Newtonsoft.Json

GROUP wsbuild

GIT
  remote: https://github.com/dotnet-websharper/build-script
     (3620ef58aabd2af5b1e7234cdb982d5381f10c57)