STRATEGY: MIN
RESTRICTION: || (== net40) (== net45)
NUGET
  remote: https://api.nuget.org/v3/index.json
    HtmlAgilityPack (1.5.2-beta5)
    Microsoft.CodeAnalysis.Analyzers (1.0)
    Microsoft.CodeAnalysis.Common (1.0)
      Microsoft.CodeAnalysis.Analyzers (1.0)
      System.Collections.Immutable (>= 1.1.36)
      System.Reflection.Metadata (>= 1.0.21)
    Microsoft.CodeAnalysis.CSharp (1.0)
      Microsoft.CodeAnalysis.Common (1.0)
    System.Collections.Immutable (1.1.36)
    System.Reflection.Metadata (1.0.21)
      System.Collections.Immutable (>= 1.1.36)
  remote: https://nuget.intellifactory.com/nuget
    WebSharper (4.0.196.147)
    WebSharper.CSharp (4.0.196.147)
      WebSharper (4.0.196.147)
    WebSharper.FSharp (4.0.196.147)
      WebSharper (4.0.196.147)
    WebSharper.Testing (4.0.196.147)
      WebSharper (4.0.196.147)
GITHUB
  remote: Jand42/FSharp.TypeProviders.SDK
    src/ProvidedTypes.fs (a236d87fe64a4f42be3b1325e9f33012ff81e747)
    src/ProvidedTypes.fsi (a236d87fe64a4f42be3b1325e9f33012ff81e747)
GROUP build
RESTRICTION: == net45
NUGET
  remote: https://api.nuget.org/v3/index.json
    Chessie (0.6)
      FSharp.Core
    FAKE (4.63.2)
    FSharp.Compiler.Tools (4.1.29)
    FSharp.Core (4.2.3)
    Mono.Cecil (0.10.0-beta7)
    Newtonsoft.Json (10.0.3)
    Paket.Core (5.108)
      Chessie (>= 0.6)
      FSharp.Compiler.Tools
      FSharp.Core
      Mono.Cecil (>= 0.10.0-beta6)
      Newtonsoft.Json
GITHUB
  remote: intellifactory/websharper
    tools/WebSharper.Fake.cmd (297e4a7802729887f056024a3de4a0b73ba8a2c0)
    tools/WebSharper.Fake.fsx (297e4a7802729887f056024a3de4a0b73ba8a2c0)
    tools/WebSharper.Fake.sh (297e4a7802729887f056024a3de4a0b73ba8a2c0)
GROUP fsharp3
RESTRICTION: || (== net40) (== net45) (== net46)
NUGET
  remote: https://api.nuget.org/v3/index.json
    FSharp.Core (3.0.2)

GROUP fsharp4
RESTRICTION: || (== net45) (== net46)
NUGET
  remote: https://api.nuget.org/v3/index.json
    FSharp.Core (4.1.17)
      System.ValueTuple (>= 4.3)
    System.ValueTuple (4.3)
