STRATEGY: MIN
RESTRICTION: || (== net40) (== net45)
NUGET
  remote: https://api.nuget.org/v3/index.json
    FSharp.Core (4.0.0.1)
    HtmlAgilityPack (1.6.8)
    Microsoft.CodeAnalysis.Analyzers (1.0)
    Microsoft.CodeAnalysis.Common (1.0)
      Microsoft.CodeAnalysis.Analyzers (1.0)
      System.Collections.Immutable (>= 1.1.36)
      System.Reflection.Metadata (>= 1.0.21)
    Microsoft.CodeAnalysis.CSharp (1.0)
      Microsoft.CodeAnalysis.Common (1.0)
    System.Collections.Immutable (1.1.36)
    System.Reflection.Metadata (1.0.21)
      System.Collections.Immutable (>= 1.1.36)
    System.ValueTuple (4.3)
  remote: https://nuget.intellifactory.com/nuget
    WebSharper (4.1.0.160)
    WebSharper.CSharp (4.1.0.160)
      WebSharper (4.1.0.160)
    WebSharper.FSharp (4.1.0.160)
      WebSharper (4.1.0.160)
    WebSharper.Testing (4.1.0.160)
      WebSharper (4.1.0.160)
GITHUB
  remote: fsprojects/FSharp.TypeProviders.SDK
    src/ProvidedTypes.fs (3438c4817b4e25884169ee7be6182efa39995057)
    src/ProvidedTypes.fsi (3438c4817b4e25884169ee7be6182efa39995057)
GROUP build
RESTRICTION: == net45
NUGET
  remote: https://api.nuget.org/v3/index.json
    Chessie (0.6)
      FSharp.Core
    FAKE (4.64.2)
    FSharp.Compiler.Tools (4.1.29)
    FSharp.Core (4.2.3)
    Mono.Cecil (0.10.0-beta7)
    Newtonsoft.Json (10.0.3)
    Paket.Core (5.122.3)
      Chessie (>= 0.6)
      FSharp.Compiler.Tools
      FSharp.Core
      Mono.Cecil (>= 0.10.0-beta6)
      Newtonsoft.Json
GITHUB
  remote: intellifactory/websharper
    tools/WebSharper.Fake.cmd (7c6c304e8d5fe3599ef6358462da278268e83e05)
    tools/WebSharper.Fake.fsx (7c6c304e8d5fe3599ef6358462da278268e83e05)
    tools/WebSharper.Fake.sh (7c6c304e8d5fe3599ef6358462da278268e83e05)