STRATEGY: MIN
RESTRICTION: || (== net40) (== net45)
NUGET
  remote: https://api.nuget.org/v3/index.json
    HtmlAgilityPack (1.5.2-beta5)
    Microsoft.CodeAnalysis.Analyzers (1.0)
    Microsoft.CodeAnalysis.Common (1.0)
      Microsoft.CodeAnalysis.Analyzers (1.0)
      System.Collections.Immutable (>= 1.1.36)
      System.Reflection.Metadata (>= 1.0.21)
    Microsoft.CodeAnalysis.CSharp (1.0)
      Microsoft.CodeAnalysis.Common (1.0)
    System.Collections.Immutable (1.1.36)
    System.Reflection.Metadata (1.0.21)
      System.Collections.Immutable (>= 1.1.36)
  remote: https://nuget.intellifactory.com/nuget
    WebSharper (4.0.196.145)
    WebSharper.CSharp (4.0.196.145)
      WebSharper (4.0.196.145)
    WebSharper.FSharp (4.0.196.145)
      WebSharper (4.0.196.145)
    WebSharper.Testing (4.0.196.145)
      WebSharper (4.0.196.145)
GITHUB
  remote: fsprojects/FSharp.TypeProviders.SDK
    src/ProvidedTypes.fs (b03aeb9b87c24559b99da3b3afdfcfdae0cc3ce0)
    src/ProvidedTypes.fsi (b03aeb9b87c24559b99da3b3afdfcfdae0cc3ce0)
GROUP build
RESTRICTION: == net45
NUGET
  remote: https://api.nuget.org/v3/index.json
    Chessie (0.6)
      FSharp.Core
    FAKE (4.63.2)
    FSharp.Compiler.Tools (4.1.29)
    FSharp.Core (4.2.3)
    Mono.Cecil (0.10.0-beta7)
    Newtonsoft.Json (10.0.3)
    Paket.Core (5.108)
      Chessie (>= 0.6)
      FSharp.Compiler.Tools
      FSharp.Core
      Mono.Cecil (>= 0.10.0-beta6)
      Newtonsoft.Json
GITHUB
  remote: intellifactory/websharper
    tools/WebSharper.Fake.cmd (ea0c0261710eb0c8b70138240ca60d014060ffcc)
    tools/WebSharper.Fake.fsx (ea0c0261710eb0c8b70138240ca60d014060ffcc)
    tools/WebSharper.Fake.sh (ea0c0261710eb0c8b70138240ca60d014060ffcc)
GROUP fsharp3
RESTRICTION: || (== net40) (== net45) (== net46)
NUGET
  remote: https://api.nuget.org/v3/index.json
    FSharp.Core (3.0.2)

GROUP fsharp4
RESTRICTION: || (== net45) (== net46)
NUGET
  remote: https://api.nuget.org/v3/index.json
    FSharp.Core (4.1.17)
      System.ValueTuple (>= 4.3)
    System.ValueTuple (4.3)
