RESTRICTION: || (== net40) (== net45)
NUGET
  remote: https://api.nuget.org/v3/index.json
    HtmlAgilityPack (1.5.2-beta5)
    Microsoft.CodeAnalysis.Analyzers (1.0)
    Microsoft.CodeAnalysis.Common (1.0)
      Microsoft.CodeAnalysis.Analyzers (1.0)
      System.Collections.Immutable (>= 1.1.36)
      System.Reflection.Metadata (>= 1.0.21)
    Microsoft.CodeAnalysis.CSharp (1.0)
      Microsoft.CodeAnalysis.Common (1.0)
    Microsoft.NETCore.Platforms (2.0) - restriction: || (&& (== net40) (>= monotouch)) (&& (== net40) (>= net45)) (&& (== net40) (>= net451)) (&& (== net40) (>= net46)) (&& (== net40) (>= net461)) (&& (== net40) (>= netcoreapp2.0)) (&& (== net40) (>= netstandard1.0)) (&& (== net40) (>= netstandard1.1)) (&& (== net40) (>= netstandard1.2)) (&& (== net40) (>= netstandard1.3)) (&& (== net40) (>= netstandard1.4)) (&& (== net40) (>= netstandard1.5)) (&& (== net40) (>= netstandard1.6)) (&& (== net40) (>= netstandard2.0)) (&& (== net40) (>= uap10.0)) (&& (== net40) (>= wpa81)) (&& (== net40) (>= xamarinios)) (&& (== net40) (>= xamarinmac)) (&& (== net40) (>= xamarintvos)) (&& (== net40) (>= xamarinwatchos)) (== net45)
    NETStandard.Library (2.0.1) - restriction: || (&& (== net40) (>= netstandard1.0)) (&& (== net40) (>= netstandard1.1)) (== net45)
      Microsoft.NETCore.Platforms (>= 1.1)
      System.Runtime.InteropServices.RuntimeInformation (>= 4.3) - restriction: || (&& (== net40) (>= net45)) (&& (== net40) (>= net451)) (&& (== net40) (>= net46)) (&& (== net40) (>= netstandard1.1)) (&& (== net40) (>= netstandard1.2)) (&& (== net40) (>= netstandard1.3)) (&& (== net40) (>= netstandard1.4)) (&& (== net40) (>= netstandard1.5)) (&& (== net40) (>= netstandard1.6)) (&& (== net40) (>= portable-net45+win8+wpa81)) (&& (== net40) (>= portable-net451+win81+wpa81)) (&& (== net40) (>= uap10.0)) (&& (== net40) (>= wpa81)) (== net45)
    System.Collections.Immutable (1.4)
      NETStandard.Library (>= 1.6.1) - restriction: || (&& (== net40) (>= netstandard1.0)) (== net45)
    System.Reflection.Metadata (1.5)
      NETStandard.Library (>= 1.6.1) - restriction: || (&& (== net40) (>= netstandard1.1)) (== net45)
      System.Collections.Immutable (>= 1.4) - restriction: || (&& (== net40) (>= monoandroid)) (&& (== net40) (>= monotouch)) (&& (== net40) (>= netstandard1.1)) (&& (== net40) (>= netstandard2.0)) (&& (== net40) (>= portable-net45+win8)) (&& (== net40) (>= portable-net45+win8+wpa81)) (&& (== net40) (>= xamarinios)) (&& (== net40) (>= xamarinmac)) (&& (== net40) (>= xamarintvos)) (&& (== net40) (>= xamarinwatchos)) (== net45)
    System.Runtime.InteropServices.RuntimeInformation (4.3) - restriction: || (&& (== net40) (>= net45)) (&& (== net40) (>= net451)) (&& (== net40) (>= net46)) (&& (== net40) (>= netstandard1.0) (>= portable-net45+win8+wpa81)) (&& (== net40) (>= netstandard1.0) (>= portable-net451+win81+wpa81)) (&& (== net40) (>= netstandard1.1)) (&& (== net40) (>= netstandard1.2)) (&& (== net40) (>= netstandard1.3)) (&& (== net40) (>= netstandard1.4)) (&& (== net40) (>= netstandard1.5)) (&& (== net40) (>= netstandard1.6)) (&& (== net40) (>= uap10.0)) (&& (== net40) (>= wpa81)) (== net45)
  remote: C:/localnuget
    WebSharper (4.1.0.128-alpha)
    WebSharper.FSharp (4.1.0.128-alpha)
      WebSharper (4.1.0.128-alpha)
    WebSharper.Testing (4.1.0.128-alpha)
      WebSharper (4.1.0.128-alpha)
GITHUB
  remote: fsprojects/FSharp.TypeProviders.SDK
    src/ProvidedTypes.fs (09c16fc46053398253e26254c961947a21d44263)
    src/ProvidedTypes.fsi (09c16fc46053398253e26254c961947a21d44263)
GROUP build
RESTRICTION: == net45
NUGET
  remote: https://api.nuget.org/v3/index.json
    Chessie (0.6)
      FSharp.Core
    FAKE (4.63.2)
    FSharp.Compiler.Tools (4.1.29)
    FSharp.Core (4.2.3)
    Mono.Cecil (0.10.0-beta7)
    Newtonsoft.Json (10.0.3)
    Paket.Core (5.108)
      Chessie (>= 0.6)
      FSharp.Compiler.Tools
      FSharp.Core
      Mono.Cecil (>= 0.10.0-beta6)
      Newtonsoft.Json
GITHUB
  remote: intellifactory/websharper
    tools/WebSharper.Fake.fsx (b7c118be32e1297d7c0d969f1eb6fc9b32ec08f1)
GROUP fsharp3
RESTRICTION: == net40
NUGET
  remote: https://api.nuget.org/v3/index.json
    FSharp.Core (3.0.2)

GROUP fsharp4
RESTRICTION: || (== net45) (== net46)
NUGET
  remote: https://api.nuget.org/v3/index.json
    FSharp.Core (4.1.17)
      System.ValueTuple (>= 4.3)
    System.ValueTuple (4.3)
