STORAGE: NONE
STRATEGY: MIN
RESTRICTION: || (== net461) (== net471) (== netstandard2.0)
NUGET
  remote: https://api.nuget.org/v3/index.json
    FSharp.Core (5.0)
    HtmlAgilityPack (1.7.1)
      System.Net.Http (>= 4.3.2) - restriction: || (&& (== net461) (< net40) (>= netstandard2.0)) (&& (== net461) (>= uap10.0)) (&& (== net471) (< net40)) (&& (== net471) (>= uap10.0)) (== netstandard2.0)
      System.Xml.XmlDocument (>= 4.3) - restriction: || (&& (== net461) (< net40)) (&& (== net471) (< net40)) (== netstandard2.0)
      System.Xml.XPath (>= 4.3) - restriction: || (&& (== net461) (< net40)) (&& (== net461) (>= uap10.0)) (&& (== net471) (< net40)) (&& (== net471) (>= uap10.0)) (== netstandard2.0)
      System.Xml.XPath.XmlDocument (>= 4.3) - restriction: || (&& (== net461) (< net40)) (&& (== net461) (>= uap10.0)) (&& (== net471) (< net40)) (&& (== net471) (>= uap10.0)) (== netstandard2.0)
    Microsoft.Build.Framework (16.8) - restriction: || (&& (== net461) (>= netstandard2.0)) (== net471) (== netstandard2.0)
      System.Security.Permissions (>= 4.7) - restriction: || (&& (== net461) (>= netstandard2.0)) (== net471) (== netstandard2.0)
    Microsoft.Build.Utilities.Core (16.8)
      Microsoft.Build.Framework (>= 16.8) - restriction: || (&& (== net461) (>= netstandard2.0)) (== net471) (== netstandard2.0)
      Microsoft.Win32.Registry (>= 4.3) - restriction: || (&& (== net461) (>= netstandard2.0)) (== net471) (== netstandard2.0)
      System.Collections.Immutable (>= 1.5) - restriction: || (&& (== net461) (>= netstandard2.0)) (== net471) (== netstandard2.0)
      System.Security.Permissions (>= 4.7) - restriction: || (&& (== net461) (>= netstandard2.0)) (== net471) (== netstandard2.0)
      System.Text.Encoding.CodePages (>= 4.0.1) - restriction: || (&& (== net461) (>= netstandard2.0)) (== net471) (== netstandard2.0)
    Microsoft.CodeAnalysis.Analyzers (3.0) - restriction: || (&& (== net461) (>= netstandard2.0)) (== net471) (== netstandard2.0)
    Microsoft.CodeAnalysis.Common (3.8) - restriction: || (&& (== net461) (>= netstandard2.0)) (== net471) (== netstandard2.0)
      Microsoft.CodeAnalysis.Analyzers (>= 3.0) - restriction: || (&& (== net461) (>= netstandard2.0)) (== net471) (== netstandard2.0)
      System.Collections.Immutable (>= 5.0) - restriction: || (&& (== net461) (>= netstandard2.0)) (== net471) (== netstandard2.0)
      System.Memory (>= 4.5.4) - restriction: || (&& (== net461) (>= netstandard2.0)) (== net471) (== netstandard2.0)
      System.Reflection.Metadata (>= 5.0) - restriction: || (&& (== net461) (>= netstandard2.0)) (== net471) (== netstandard2.0)
      System.Runtime.CompilerServices.Unsafe (>= 4.7.1) - restriction: || (&& (== net461) (>= netstandard2.0)) (== net471) (== netstandard2.0)
      System.Text.Encoding.CodePages (>= 4.5.1) - restriction: || (&& (== net461) (>= netstandard2.0)) (== net471) (== netstandard2.0)
      System.Threading.Tasks.Extensions (>= 4.5.4) - restriction: || (&& (== net461) (>= netstandard2.0)) (== net471) (== netstandard2.0)
    Microsoft.CodeAnalysis.CSharp (3.8)
      Microsoft.CodeAnalysis.Common (3.8) - restriction: || (&& (== net461) (>= netstandard2.0)) (== net471) (== netstandard2.0)
    Microsoft.NETCore.Platforms (1.1) - restriction: || (&& (== net461) (< net40) (>= netstandard2.0)) (&& (== net461) (>= uap10.0)) (&& (== net471) (< net40)) (&& (== net471) (>= uap10.0)) (== netstandard2.0)
    Microsoft.NETCore.Targets (1.1) - restriction: || (&& (== net461) (< net40) (>= netstandard2.0)) (&& (== net461) (>= netstandard1.6) (>= uap10.0)) (&& (== net471) (< net40)) (&& (== net471) (>= uap10.0)) (== netstandard2.0)
    Microsoft.Win32.Registry (4.3) - restriction: || (&& (== net461) (>= netstandard2.0)) (== net471) (== netstandard2.0)
      Microsoft.NETCore.Platforms (>= 1.1) - restriction: || (&& (== net461) (< net46)) (&& (== net471) (< net46)) (== netstandard2.0)
      System.Collections (>= 4.3) - restriction: || (&& (== net461) (< net46)) (&& (== net471) (< net46)) (== netstandard2.0)
      System.Globalization (>= 4.3) - restriction: || (&& (== net461) (< net46)) (&& (== net471) (< net46)) (== netstandard2.0)
      System.Resources.ResourceManager (>= 4.3) - restriction: || (&& (== net461) (< net46)) (&& (== net471) (< net46)) (== netstandard2.0)
      System.Runtime (>= 4.3) - restriction: || (&& (== net461) (< net46)) (&& (== net471) (< net46)) (== netstandard2.0)
      System.Runtime.Extensions (>= 4.3) - restriction: || (&& (== net461) (< net46)) (&& (== net471) (< net46)) (== netstandard2.0)
      System.Runtime.Handles (>= 4.3) - restriction: || (&& (== net461) (< net46)) (&& (== net471) (< net46)) (== netstandard2.0)
      System.Runtime.InteropServices (>= 4.3) - restriction: || (&& (== net461) (< net46)) (&& (== net471) (< net46)) (== netstandard2.0)
    runtime.debian.8-x64.runtime.native.System.Security.Cryptography.OpenSsl (4.3) - restriction: || (&& (== net461) (< net40) (>= netstandard2.0)) (&& (== net461) (>= netstandard1.6) (>= uap10.0)) (&& (== net471) (< net40)) (&& (== net471) (>= uap10.0)) (== netstandard2.0)
    runtime.fedora.23-x64.runtime.native.System.Security.Cryptography.OpenSsl (4.3) - restriction: || (&& (== net461) (< net40) (>= netstandard2.0)) (&& (== net461) (>= netstandard1.6) (>= uap10.0)) (&& (== net471) (< net40)) (&& (== net471) (>= uap10.0)) (== netstandard2.0)
    runtime.fedora.24-x64.runtime.native.System.Security.Cryptography.OpenSsl (4.3) - restriction: || (&& (== net461) (< net40) (>= netstandard2.0)) (&& (== net461) (>= netstandard1.6) (>= uap10.0)) (&& (== net471) (< net40)) (&& (== net471) (>= uap10.0)) (== netstandard2.0)
    runtime.native.System (4.3) - restriction: || (&& (== net461) (< net40) (>= netstandard2.0)) (&& (== net461) (>= netstandard1.6) (>= uap10.0)) (&& (== net471) (< net40)) (&& (== net471) (>= uap10.0)) (== netstandard2.0)
      Microsoft.NETCore.Platforms (>= 1.1)
      Microsoft.NETCore.Targets (>= 1.1)
    runtime.native.System.Net.Http (4.3) - restriction: || (&& (== net461) (< net40) (>= netstandard2.0)) (&& (== net461) (>= netstandard1.6) (>= uap10.0)) (&& (== net471) (< net40)) (&& (== net471) (>= uap10.0)) (== netstandard2.0)
      Microsoft.NETCore.Platforms (>= 1.1)
      Microsoft.NETCore.Targets (>= 1.1)
    runtime.native.System.Security.Cryptography.Apple (4.3) - restriction: || (&& (== net461) (< net40) (>= netstandard2.0)) (&& (== net461) (>= netstandard1.6) (>= uap10.0)) (&& (== net471) (< net40)) (&& (== net471) (>= uap10.0)) (== netstandard2.0)
      runtime.osx.10.10-x64.runtime.native.System.Security.Cryptography.Apple (>= 4.3)
    runtime.native.System.Security.Cryptography.OpenSsl (4.3) - restriction: || (&& (== net461) (< net40) (>= netstandard2.0)) (&& (== net461) (>= netstandard1.6) (>= uap10.0)) (&& (== net471) (< net40)) (&& (== net471) (>= uap10.0)) (== netstandard2.0)
      runtime.debian.8-x64.runtime.native.System.Security.Cryptography.OpenSsl (>= 4.3)
      runtime.fedora.23-x64.runtime.native.System.Security.Cryptography.OpenSsl (>= 4.3)
      runtime.fedora.24-x64.runtime.native.System.Security.Cryptography.OpenSsl (>= 4.3)
      runtime.opensuse.13.2-x64.runtime.native.System.Security.Cryptography.OpenSsl (>= 4.3)
      runtime.opensuse.42.1-x64.runtime.native.System.Security.Cryptography.OpenSsl (>= 4.3)
      runtime.osx.10.10-x64.runtime.native.System.Security.Cryptography.OpenSsl (>= 4.3)
      runtime.rhel.7-x64.runtime.native.System.Security.Cryptography.OpenSsl (>= 4.3)
      runtime.ubuntu.14.04-x64.runtime.native.System.Security.Cryptography.OpenSsl (>= 4.3)
      runtime.ubuntu.16.04-x64.runtime.native.System.Security.Cryptography.OpenSsl (>= 4.3)
      runtime.ubuntu.16.10-x64.runtime.native.System.Security.Cryptography.OpenSsl (>= 4.3)
    runtime.opensuse.13.2-x64.runtime.native.System.Security.Cryptography.OpenSsl (4.3) - restriction: || (&& (== net461) (< net40) (>= netstandard2.0)) (&& (== net461) (>= netstandard1.6) (>= uap10.0)) (&& (== net471) (< net40)) (&& (== net471) (>= uap10.0)) (== netstandard2.0)
    runtime.opensuse.42.1-x64.runtime.native.System.Security.Cryptography.OpenSsl (4.3) - restriction: || (&& (== net461) (< net40) (>= netstandard2.0)) (&& (== net461) (>= netstandard1.6) (>= uap10.0)) (&& (== net471) (< net40)) (&& (== net471) (>= uap10.0)) (== netstandard2.0)
    runtime.osx.10.10-x64.runtime.native.System.Security.Cryptography.Apple (4.3) - restriction: || (&& (== net461) (< net40) (>= netstandard2.0)) (&& (== net461) (>= netstandard1.6) (>= uap10.0)) (&& (== net471) (< net40)) (&& (== net471) (>= uap10.0)) (== netstandard2.0)
    runtime.osx.10.10-x64.runtime.native.System.Security.Cryptography.OpenSsl (4.3) - restriction: || (&& (== net461) (< net40) (>= netstandard2.0)) (&& (== net461) (>= netstandard1.6) (>= uap10.0)) (&& (== net471) (< net40)) (&& (== net471) (>= uap10.0)) (== netstandard2.0)
    runtime.rhel.7-x64.runtime.native.System.Security.Cryptography.OpenSsl (4.3) - restriction: || (&& (== net461) (< net40) (>= netstandard2.0)) (&& (== net461) (>= netstandard1.6) (>= uap10.0)) (&& (== net471) (< net40)) (&& (== net471) (>= uap10.0)) (== netstandard2.0)
    runtime.ubuntu.14.04-x64.runtime.native.System.Security.Cryptography.OpenSsl (4.3) - restriction: || (&& (== net461) (< net40) (>= netstandard2.0)) (&& (== net461) (>= netstandard1.6) (>= uap10.0)) (&& (== net471) (< net40)) (&& (== net471) (>= uap10.0)) (== netstandard2.0)
    runtime.ubuntu.16.04-x64.runtime.native.System.Security.Cryptography.OpenSsl (4.3) - restriction: || (&& (== net461) (< net40) (>= netstandard2.0)) (&& (== net461) (>= netstandard1.6) (>= uap10.0)) (&& (== net471) (< net40)) (&& (== net471) (>= uap10.0)) (== netstandard2.0)
    runtime.ubuntu.16.10-x64.runtime.native.System.Security.Cryptography.OpenSsl (4.3) - restriction: || (&& (== net461) (< net40) (>= netstandard2.0)) (&& (== net461) (>= netstandard1.6) (>= uap10.0)) (&& (== net471) (< net40)) (&& (== net471) (>= uap10.0)) (== netstandard2.0)
    System.Buffers (4.5.1) - restriction: || (&& (== net461) (>= netstandard2.0)) (&& (== net461) (>= xamarinios)) (&& (== net461) (>= xamarinmac)) (== net471) (== netstandard2.0)
    System.Collections (4.3) - restriction: || (&& (== net461) (< net40) (>= netstandard2.0)) (&& (== net461) (>= uap10.0)) (&& (== net471) (< net40)) (&& (== net471) (>= uap10.0)) (== netstandard2.0)
      Microsoft.NETCore.Platforms (>= 1.1) - restriction: || (&& (== net461) (< net45)) (&& (== net471) (< net45)) (== netstandard2.0)
      Microsoft.NETCore.Targets (>= 1.1) - restriction: || (&& (== net461) (< net45)) (&& (== net471) (< net45)) (== netstandard2.0)
      System.Runtime (>= 4.3) - restriction: || (&& (== net461) (< net45)) (&& (== net471) (< net45)) (== netstandard2.0)
    System.Collections.Concurrent (4.3) - restriction: || (&& (== net461) (< net40) (>= netstandard2.0)) (&& (== net461) (>= uap10.0)) (&& (== net471) (< net40)) (&& (== net471) (>= uap10.0)) (== netstandard2.0)
      System.Collections (>= 4.3) - restriction: || (&& (== net461) (< net45)) (&& (== net471) (< net45)) (== netstandard2.0)
      System.Diagnostics.Debug (>= 4.3) - restriction: || (&& (== net461) (< net45)) (&& (== net471) (< net45)) (== netstandard2.0)
      System.Diagnostics.Tracing (>= 4.3) - restriction: || (&& (== net461) (< net45)) (&& (== net471) (< net45)) (== netstandard2.0)
      System.Globalization (>= 4.3) - restriction: || (&& (== net461) (< net45)) (&& (== net471) (< net45)) (== netstandard2.0)
      System.Reflection (>= 4.3) - restriction: || (&& (== net461) (< net45)) (&& (== net471) (< net45)) (== netstandard2.0)
      System.Resources.ResourceManager (>= 4.3) - restriction: || (&& (== net461) (< net45)) (&& (== net471) (< net45)) (== netstandard2.0)
      System.Runtime (>= 4.3) - restriction: || (&& (== net461) (< net45)) (&& (== net471) (< net45)) (== netstandard2.0)
      System.Runtime.Extensions (>= 4.3) - restriction: || (&& (== net461) (< net45)) (&& (== net471) (< net45)) (== netstandard2.0)
      System.Threading (>= 4.3) - restriction: || (&& (== net461) (< net45)) (&& (== net471) (< net45)) (== netstandard2.0)
      System.Threading.Tasks (>= 4.3) - restriction: || (&& (== net461) (< net45)) (&& (== net471) (< net45)) (== netstandard2.0)
    System.Collections.Immutable (5.0) - restriction: || (&& (== net461) (>= netstandard2.0)) (== net471) (== netstandard2.0)
      System.Memory (>= 4.5.4)
    System.Diagnostics.Debug (4.3) - restriction: || (&& (== net461) (< net40) (>= netstandard2.0)) (&& (== net461) (>= uap10.0)) (&& (== net471) (< net40)) (&& (== net471) (>= uap10.0)) (== netstandard2.0)
      Microsoft.NETCore.Platforms (>= 1.1) - restriction: || (&& (== net461) (< net45)) (&& (== net471) (< net45)) (== netstandard2.0)
      Microsoft.NETCore.Targets (>= 1.1) - restriction: || (&& (== net461) (< net45)) (&& (== net471) (< net45)) (== netstandard2.0)
      System.Runtime (>= 4.3) - restriction: || (&& (== net461) (< net45)) (&& (== net471) (< net45)) (== netstandard2.0)
    System.Diagnostics.DiagnosticSource (4.3) - restriction: || (&& (== net461) (< net40) (>= netstandard2.0)) (&& (== net461) (>= uap10.0)) (&& (== net471) (< net40)) (&& (== net471) (>= uap10.0)) (== netstandard2.0)
      System.Collections (>= 4.3) - restriction: || (&& (== net461) (< net45)) (&& (== net471) (< net45)) (== netstandard2.0)
      System.Diagnostics.Tracing (>= 4.3) - restriction: || (&& (== net461) (< net45)) (&& (== net471) (< net45)) (== netstandard2.0)
      System.Reflection (>= 4.3) - restriction: || (&& (== net461) (< net45)) (&& (== net471) (< net45)) (== netstandard2.0)
      System.Runtime (>= 4.3) - restriction: || (&& (== net461) (< net45)) (&& (== net471) (< net45)) (== netstandard2.0)
      System.Threading (>= 4.3) - restriction: || (&& (== net461) (< net45)) (&& (== net471) (< net45)) (== netstandard2.0)
    System.Diagnostics.Tracing (4.3) - restriction: || (&& (== net461) (< net40) (>= netstandard2.0)) (&& (== net461) (>= uap10.0)) (&& (== net471) (< net40)) (&& (== net471) (>= uap10.0)) (== netstandard2.0)
      Microsoft.NETCore.Platforms (>= 1.1) - restriction: || (&& (== net461) (< net45)) (&& (== net471) (< net45)) (== netstandard2.0)
      Microsoft.NETCore.Targets (>= 1.1) - restriction: || (&& (== net461) (< net45)) (&& (== net471) (< net45)) (== netstandard2.0)
      System.Runtime (>= 4.3) - restriction: || (&& (== net461) (< net45)) (&& (== net471) (< net45)) (== netstandard2.0)
    System.Globalization (4.3) - restriction: || (&& (== net461) (< net40) (>= netstandard2.0)) (&& (== net461) (>= uap10.0)) (&& (== net471) (< net40)) (&& (== net471) (>= uap10.0)) (== netstandard2.0)
      Microsoft.NETCore.Platforms (>= 1.1) - restriction: || (&& (== net461) (< net45)) (&& (== net471) (< net45)) (== netstandard2.0)
      Microsoft.NETCore.Targets (>= 1.1) - restriction: || (&& (== net461) (< net45)) (&& (== net471) (< net45)) (== netstandard2.0)
      System.Runtime (>= 4.3) - restriction: || (&& (== net461) (< net45)) (&& (== net471) (< net45)) (== netstandard2.0)
    System.Globalization.Calendars (4.3) - restriction: || (&& (== net461) (< net40) (>= netstandard2.0)) (&& (== net461) (>= netstandard1.6) (>= uap10.0)) (&& (== net471) (< net40)) (&& (== net471) (>= uap10.0)) (== netstandard2.0)
      Microsoft.NETCore.Platforms (>= 1.1) - restriction: || (&& (== net461) (< net46)) (&& (== net471) (< net46)) (== netstandard2.0)
      Microsoft.NETCore.Targets (>= 1.1) - restriction: || (&& (== net461) (< net46)) (&& (== net471) (< net46)) (== netstandard2.0)
      System.Globalization (>= 4.3) - restriction: || (&& (== net461) (< net46)) (&& (== net471) (< net46)) (== netstandard2.0)
      System.Runtime (>= 4.3) - restriction: || (&& (== net461) (< net46)) (&& (== net471) (< net46)) (== netstandard2.0)
    System.Globalization.Extensions (4.3) - restriction: || (&& (== net461) (< net40) (>= netstandard2.0)) (&& (== net461) (>= netstandard1.6) (>= uap10.0)) (&& (== net471) (< net40)) (&& (== net471) (>= uap10.0)) (== netstandard2.0)
      Microsoft.NETCore.Platforms (>= 1.1) - restriction: || (&& (== net461) (< net46)) (&& (== net471) (< net46)) (== netstandard2.0)
      System.Globalization (>= 4.3) - restriction: || (&& (== net461) (< net46)) (&& (== net471) (< net46)) (== netstandard2.0)
      System.Resources.ResourceManager (>= 4.3) - restriction: || (&& (== net461) (< net46)) (&& (== net471) (< net46)) (== netstandard2.0)
      System.Runtime (>= 4.3) - restriction: || (&& (== net461) (< net46)) (&& (== net471) (< net46)) (== netstandard2.0)
      System.Runtime.Extensions (>= 4.3) - restriction: || (&& (== net461) (< net46)) (&& (== net471) (< net46)) (== netstandard2.0)
      System.Runtime.InteropServices (>= 4.3) - restriction: || (&& (== net461) (< net46)) (&& (== net471) (< net46)) (== netstandard2.0)
    System.IO (4.3) - restriction: || (&& (== net461) (< net40) (>= netstandard2.0)) (&& (== net461) (>= uap10.0)) (&& (== net471) (< net40)) (&& (== net471) (>= uap10.0)) (== netstandard2.0)
      Microsoft.NETCore.Platforms (>= 1.1) - restriction: || (&& (== net461) (< net45)) (&& (== net471) (< net45)) (== netstandard2.0)
      Microsoft.NETCore.Targets (>= 1.1) - restriction: || (&& (== net461) (< net45)) (&& (== net471) (< net45)) (== netstandard2.0)
      System.Runtime (>= 4.3) - restriction: || (&& (== net461) (< net45)) (&& (== net471) (< net45)) (== netstandard2.0)
      System.Text.Encoding (>= 4.3) - restriction: || (&& (== net461) (< net45)) (&& (== net471) (< net45)) (== netstandard2.0)
      System.Threading.Tasks (>= 4.3) - restriction: || (&& (== net461) (< net45)) (&& (== net471) (< net45)) (== netstandard2.0)
    System.IO.FileSystem (4.3) - restriction: || (&& (== net461) (< net40) (>= netstandard2.0)) (&& (== net461) (>= netstandard1.6) (>= uap10.0)) (&& (== net471) (< net40)) (&& (== net471) (>= uap10.0)) (== netstandard2.0)
      Microsoft.NETCore.Platforms (>= 1.1) - restriction: || (&& (== net461) (< net46)) (&& (== net471) (< net46)) (== netstandard2.0)
      Microsoft.NETCore.Targets (>= 1.1) - restriction: || (&& (== net461) (< net46)) (&& (== net471) (< net46)) (== netstandard2.0)
      System.IO (>= 4.3) - restriction: || (&& (== net461) (< net46)) (&& (== net471) (< net46)) (== netstandard2.0)
      System.IO.FileSystem.Primitives (>= 4.3)
      System.Runtime (>= 4.3) - restriction: || (&& (== net461) (< net46)) (&& (== net471) (< net46)) (== netstandard2.0)
      System.Runtime.Handles (>= 4.3) - restriction: || (&& (== net461) (< net46)) (&& (== net471) (< net46)) (== netstandard2.0)
      System.Text.Encoding (>= 4.3) - restriction: || (&& (== net461) (< net46)) (&& (== net471) (< net46)) (== netstandard2.0)
      System.Threading.Tasks (>= 4.3) - restriction: || (&& (== net461) (< net46)) (&& (== net471) (< net46)) (== netstandard2.0)
    System.IO.FileSystem.Primitives (4.3) - restriction: || (&& (== net461) (< net40) (>= netstandard2.0)) (&& (== net461) (>= netstandard1.6) (>= uap10.0)) (&& (== net471) (< net40)) (&& (== net471) (>= uap10.0)) (== netstandard2.0)
      System.Runtime (>= 4.3) - restriction: || (&& (== net461) (< net46)) (&& (== net471) (< net46)) (== netstandard2.0)
    System.Linq (4.3) - restriction: || (&& (== net461) (< net40) (>= netstandard2.0)) (&& (== net461) (>= uap10.0)) (&& (== net471) (< net40)) (&& (== net471) (>= uap10.0)) (== netstandard2.0)
      System.Collections (>= 4.3) - restriction: || (&& (== net461) (< net45)) (&& (== net471) (< net45)) (== netstandard2.0)
      System.Diagnostics.Debug (>= 4.3) - restriction: || (&& (== net461) (< net45) (>= netstandard1.6)) (&& (== net471) (< net45)) (== netstandard2.0)
      System.Resources.ResourceManager (>= 4.3) - restriction: || (&& (== net461) (< net45) (>= netstandard1.6)) (&& (== net471) (< net45)) (== netstandard2.0)
      System.Runtime (>= 4.3) - restriction: || (&& (== net461) (< net45)) (&& (== net471) (< net45)) (== netstandard2.0)
      System.Runtime.Extensions (>= 4.3) - restriction: || (&& (== net461) (< net45) (>= netstandard1.6)) (&& (== net471) (< net45)) (== netstandard2.0)
    System.Memory (4.5.4) - restriction: || (&& (== net461) (>= netstandard2.0)) (== net471) (== netstandard2.0)
      System.Buffers (>= 4.5.1)
      System.Numerics.Vectors (>= 4.4) - restriction: || (&& (== net461) (< net45) (>= netstandard2.0)) (&& (== net471) (< net45)) (== netstandard2.0)
      System.Numerics.Vectors (>= 4.5) - restriction: || (== net461) (== net471) (&& (== netstandard2.0) (>= net461))
      System.Runtime.CompilerServices.Unsafe (>= 4.5.3)
    System.Net.Http (4.3.2) - restriction: || (&& (== net461) (< net40) (>= netstandard2.0)) (&& (== net461) (>= uap10.0)) (&& (== net471) (< net40)) (&& (== net471) (>= uap10.0)) (== netstandard2.0)
      Microsoft.NETCore.Platforms (>= 1.1) - restriction: || (&& (== net461) (< net45)) (&& (== net471) (< net45)) (== netstandard2.0)
      runtime.native.System (>= 4.3) - restriction: || (&& (== net461) (< net45) (>= netstandard1.6)) (&& (== net471) (< net45)) (== netstandard2.0)
      runtime.native.System.Net.Http (>= 4.3) - restriction: || (&& (== net461) (< net45) (>= netstandard1.6)) (&& (== net471) (< net45)) (== netstandard2.0)
      runtime.native.System.Security.Cryptography.OpenSsl (>= 4.3) - restriction: || (&& (== net461) (< net45) (>= netstandard1.6)) (&& (== net471) (< net45)) (== netstandard2.0)
      System.Collections (>= 4.3) - restriction: || (&& (== net461) (< net45)) (&& (== net471) (< net45)) (== netstandard2.0)
      System.Diagnostics.Debug (>= 4.3) - restriction: || (&& (== net461) (< net45)) (&& (== net471) (< net45)) (== netstandard2.0)
      System.Diagnostics.DiagnosticSource (>= 4.3) - restriction: || (&& (== net461) (< net45)) (&& (== net471) (< net45)) (== netstandard2.0)
      System.Diagnostics.Tracing (>= 4.3) - restriction: || (&& (== net461) (< net45)) (&& (== net471) (< net45)) (== netstandard2.0)
      System.Globalization (>= 4.3) - restriction: || (&& (== net461) (< net45)) (&& (== net471) (< net45)) (== netstandard2.0)
      System.Globalization.Extensions (>= 4.3) - restriction: || (&& (== net461) (< net45) (>= netstandard1.6)) (&& (== net471) (< net45)) (== netstandard2.0)
      System.IO (>= 4.3) - restriction: || (&& (== net461) (< net45)) (&& (== net471) (< net45)) (== netstandard2.0)
      System.IO.FileSystem (>= 4.3) - restriction: || (&& (== net461) (< net45) (>= netstandard1.6)) (&& (== net471) (< net45)) (== netstandard2.0)
      System.Net.Primitives (>= 4.3) - restriction: || (&& (== net461) (< net45)) (&& (== net471) (< net45)) (== netstandard2.0)
      System.Resources.ResourceManager (>= 4.3) - restriction: || (&& (== net461) (< net45)) (&& (== net471) (< net45)) (== netstandard2.0)
      System.Runtime (>= 4.3) - restriction: || (&& (== net461) (< net45)) (&& (== net471) (< net45)) (== netstandard2.0)
      System.Runtime.Extensions (>= 4.3) - restriction: || (&& (== net461) (< net45)) (&& (== net471) (< net45)) (== netstandard2.0)
      System.Runtime.Handles (>= 4.3) - restriction: || (&& (== net461) (< net45)) (&& (== net471) (< net45)) (== netstandard2.0)
      System.Runtime.InteropServices (>= 4.3) - restriction: || (&& (== net461) (< net45)) (&& (== net471) (< net45)) (== netstandard2.0)
      System.Security.Cryptography.Algorithms (>= 4.3) - restriction: || (&& (== net461) (< net45) (>= netstandard1.6)) (&& (== net471) (< net45)) (== netstandard2.0)
      System.Security.Cryptography.Encoding (>= 4.3) - restriction: || (&& (== net461) (< net45)) (&& (== net471) (< net45)) (== netstandard2.0)
      System.Security.Cryptography.OpenSsl (>= 4.3) - restriction: || (&& (== net461) (< net45) (>= netstandard1.6)) (&& (== net471) (< net45)) (== netstandard2.0)
      System.Security.Cryptography.Primitives (>= 4.3) - restriction: || (&& (== net461) (< net45) (>= netstandard1.6)) (&& (== net471) (< net45)) (== netstandard2.0)
      System.Security.Cryptography.X509Certificates (>= 4.3)
      System.Text.Encoding (>= 4.3) - restriction: || (&& (== net461) (< net45)) (&& (== net471) (< net45)) (== netstandard2.0)
      System.Threading (>= 4.3) - restriction: || (&& (== net461) (< net45)) (&& (== net471) (< net45)) (== netstandard2.0)
      System.Threading.Tasks (>= 4.3) - restriction: || (&& (== net461) (< net45)) (&& (== net471) (< net45)) (== netstandard2.0)
    System.Net.Primitives (4.3) - restriction: || (&& (== net461) (< net40) (>= netstandard2.0)) (&& (== net461) (>= uap10.0)) (&& (== net471) (< net40)) (&& (== net471) (>= uap10.0)) (== netstandard2.0)
      Microsoft.NETCore.Platforms (>= 1.1) - restriction: || (&& (== net461) (< net45)) (&& (== net461) (< netstandard1.1)) (&& (== net471) (< net45)) (&& (== net471) (< netstandard1.1)) (== netstandard2.0)
      Microsoft.NETCore.Targets (>= 1.1) - restriction: || (&& (== net461) (< net45)) (&& (== net461) (< netstandard1.1)) (&& (== net471) (< net45)) (&& (== net471) (< netstandard1.1)) (== netstandard2.0)
      System.Runtime (>= 4.3) - restriction: || (&& (== net461) (< net45)) (&& (== net461) (< netstandard1.1)) (&& (== net471) (< net45)) (&& (== net471) (< netstandard1.1)) (== netstandard2.0)
      System.Runtime.Handles (>= 4.3) - restriction: || (&& (== net461) (< net45)) (&& (== net471) (< net45)) (== netstandard2.0)
    System.Numerics.Vectors (4.5) - restriction: || (&& (== net461) (>= netstandard2.0)) (== net471) (== netstandard2.0)
    System.Reflection (4.3) - restriction: || (&& (== net461) (< net45)) (&& (== net471) (< net45)) (== netstandard2.0)
      Microsoft.NETCore.Platforms (>= 1.1) - restriction: || (&& (== net461) (< net45)) (&& (== net471) (< net45)) (== netstandard2.0)
      Microsoft.NETCore.Targets (>= 1.1) - restriction: || (&& (== net461) (< net45)) (&& (== net471) (< net45)) (== netstandard2.0)
      System.IO (>= 4.3) - restriction: || (&& (== net461) (< net45)) (&& (== net471) (< net45)) (== netstandard2.0)
      System.Reflection.Primitives (>= 4.3) - restriction: || (&& (== net461) (< net45)) (&& (== net471) (< net45)) (== netstandard2.0)
      System.Runtime (>= 4.3) - restriction: || (&& (== net461) (< net45)) (&& (== net471) (< net45)) (== netstandard2.0)
    System.Reflection.Emit.ILGeneration (4.3) - restriction: || (&& (== net461) (< net45)) (&& (== net471) (< net45)) (== netstandard2.0)
      System.Reflection (>= 4.3) - restriction: || (&& (== net461) (< net45)) (&& (== net471) (< net45)) (== netstandard2.0)
      System.Reflection.Primitives (>= 4.3) - restriction: || (&& (== net461) (< net45)) (&& (== net471) (< net45)) (== netstandard2.0)
      System.Runtime (>= 4.3) - restriction: || (&& (== net461) (< net45)) (&& (== net471) (< net45)) (== netstandard2.0)
    System.Reflection.Emit.Lightweight (4.3)
      System.Reflection (>= 4.3) - restriction: || (&& (== net461) (< net45)) (&& (== net471) (< net45)) (== netstandard2.0)
      System.Reflection.Emit.ILGeneration (>= 4.3) - restriction: || (&& (== net461) (< net45)) (&& (== net471) (< net45)) (== netstandard2.0)
      System.Reflection.Primitives (>= 4.3) - restriction: || (&& (== net461) (< net45)) (&& (== net471) (< net45)) (== netstandard2.0)
      System.Runtime (>= 4.3) - restriction: || (&& (== net461) (< net45)) (&& (== net471) (< net45)) (== netstandard2.0)
    System.Reflection.Metadata (5.0) - restriction: || (&& (== net461) (>= netstandard2.0)) (== net471) (== netstandard2.0)
      System.Collections.Immutable (>= 5.0)
    System.Reflection.Primitives (4.3) - restriction: || (&& (== net461) (< net45)) (&& (== net471) (< net45)) (== netstandard2.0)
      Microsoft.NETCore.Platforms (>= 1.1) - restriction: || (&& (== net461) (< net45)) (&& (== net471) (< net45)) (== netstandard2.0)
      Microsoft.NETCore.Targets (>= 1.1) - restriction: || (&& (== net461) (< net45)) (&& (== net471) (< net45)) (== netstandard2.0)
      System.Runtime (>= 4.3) - restriction: || (&& (== net461) (< net45)) (&& (== net471) (< net45)) (== netstandard2.0)
    System.Resources.ResourceManager (4.3) - restriction: || (&& (== net461) (< net40) (>= netstandard2.0)) (&& (== net461) (>= uap10.0)) (&& (== net471) (< net40)) (&& (== net471) (>= uap10.0)) (== netstandard2.0)
      Microsoft.NETCore.Platforms (>= 1.1) - restriction: || (&& (== net461) (< net45)) (&& (== net471) (< net45)) (== netstandard2.0)
      Microsoft.NETCore.Targets (>= 1.1) - restriction: || (&& (== net461) (< net45)) (&& (== net471) (< net45)) (== netstandard2.0)
      System.Globalization (>= 4.3) - restriction: || (&& (== net461) (< net45)) (&& (== net471) (< net45)) (== netstandard2.0)
      System.Reflection (>= 4.3) - restriction: || (&& (== net461) (< net45)) (&& (== net471) (< net45)) (== netstandard2.0)
      System.Runtime (>= 4.3) - restriction: || (&& (== net461) (< net45)) (&& (== net471) (< net45)) (== netstandard2.0)
    System.Runtime (4.3) - restriction: || (&& (== net461) (< net40) (>= netstandard2.0)) (&& (== net461) (>= uap10.0)) (&& (== net471) (< net40)) (&& (== net471) (>= uap10.0)) (== netstandard2.0)
      Microsoft.NETCore.Platforms (>= 1.1) - restriction: || (&& (== net461) (< net45)) (&& (== net471) (< net45)) (== netstandard2.0)
      Microsoft.NETCore.Targets (>= 1.1) - restriction: || (&& (== net461) (< net45)) (&& (== net471) (< net45)) (== netstandard2.0)
    System.Runtime.CompilerServices.Unsafe (4.7.1) - restriction: || (&& (== net461) (>= netstandard2.0)) (== net471) (== netstandard2.0)
    System.Runtime.Extensions (4.3) - restriction: || (&& (== net461) (< net40) (>= netstandard2.0)) (&& (== net461) (>= uap10.0)) (&& (== net471) (< net40)) (&& (== net471) (>= uap10.0)) (== netstandard2.0)
      Microsoft.NETCore.Platforms (>= 1.1) - restriction: || (&& (== net461) (< net45)) (&& (== net471) (< net45)) (== netstandard2.0)
      Microsoft.NETCore.Targets (>= 1.1) - restriction: || (&& (== net461) (< net45)) (&& (== net471) (< net45)) (== netstandard2.0)
      System.Runtime (>= 4.3) - restriction: || (&& (== net461) (< net45)) (&& (== net471) (< net45)) (== netstandard2.0)
    System.Runtime.Handles (4.3) - restriction: || (&& (== net461) (< net40) (>= netstandard2.0)) (&& (== net461) (>= uap10.0)) (&& (== net471) (< net40)) (&& (== net471) (>= uap10.0)) (== netstandard2.0)
      Microsoft.NETCore.Platforms (>= 1.1) - restriction: || (&& (== net461) (< net46)) (&& (== net471) (< net46)) (== netstandard2.0)
      Microsoft.NETCore.Targets (>= 1.1) - restriction: || (&& (== net461) (< net46)) (&& (== net471) (< net46)) (== netstandard2.0)
      System.Runtime (>= 4.3) - restriction: || (&& (== net461) (< net46)) (&& (== net471) (< net46)) (== netstandard2.0)
    System.Runtime.InteropServices (4.3) - restriction: || (&& (== net461) (< net40) (>= netstandard2.0)) (&& (== net461) (>= uap10.0)) (&& (== net471) (< net40)) (&& (== net471) (>= uap10.0)) (== netstandard2.0)
      Microsoft.NETCore.Platforms (>= 1.1) - restriction: || (&& (== net461) (< net45)) (&& (== net461) (>= netcoreapp1.1)) (&& (== net471) (< net45)) (&& (== net471) (>= netcoreapp1.1)) (== netstandard2.0)
      Microsoft.NETCore.Targets (>= 1.1) - restriction: || (&& (== net461) (< net45)) (&& (== net461) (>= netcoreapp1.1)) (&& (== net471) (< net45)) (&& (== net471) (>= netcoreapp1.1)) (== netstandard2.0)
      System.Reflection (>= 4.3) - restriction: || (&& (== net461) (< net45)) (&& (== net461) (>= netcoreapp1.1)) (&& (== net471) (< net45)) (&& (== net471) (>= netcoreapp1.1)) (== netstandard2.0)
      System.Reflection.Primitives (>= 4.3) - restriction: || (&& (== net461) (< net45)) (&& (== net461) (>= netcoreapp1.1)) (&& (== net471) (< net45)) (&& (== net471) (>= netcoreapp1.1)) (== netstandard2.0)
      System.Runtime (>= 4.3) - restriction: || (&& (== net461) (< net45)) (&& (== net461) (>= net462)) (&& (== net461) (>= netcoreapp1.1)) (== net471) (== netstandard2.0)
      System.Runtime.Handles (>= 4.3) - restriction: || (&& (== net461) (< net45)) (&& (== net461) (>= netcoreapp1.1)) (&& (== net471) (< net45)) (&& (== net471) (>= netcoreapp1.1)) (== netstandard2.0)
    System.Runtime.Numerics (4.3) - restriction: || (&& (== net461) (< net40) (>= netstandard2.0)) (&& (== net461) (>= netstandard1.6) (>= uap10.0)) (&& (== net471) (< net40)) (&& (== net471) (>= uap10.0)) (== netstandard2.0)
      System.Globalization (>= 4.3) - restriction: || (&& (== net461) (< net45)) (&& (== net471) (< net45)) (== netstandard2.0)
      System.Resources.ResourceManager (>= 4.3) - restriction: || (&& (== net461) (< net45)) (&& (== net471) (< net45)) (== netstandard2.0)
      System.Runtime (>= 4.3) - restriction: || (&& (== net461) (< net45)) (&& (== net471) (< net45)) (== netstandard2.0)
      System.Runtime.Extensions (>= 4.3) - restriction: || (&& (== net461) (< net45)) (&& (== net471) (< net45)) (== netstandard2.0)
    System.Security.AccessControl (4.7) - restriction: || (&& (== net461) (>= netstandard2.0)) (== net471) (== netstandard2.0)
      System.Security.Principal.Windows (>= 4.7)
    System.Security.Cryptography.Algorithms (4.3) - restriction: || (&& (== net461) (< net40) (>= netstandard2.0)) (&& (== net461) (>= netstandard1.6) (>= uap10.0)) (&& (== net471) (< net40)) (&& (== net471) (>= uap10.0)) (== netstandard2.0)
      Microsoft.NETCore.Platforms (>= 1.1) - restriction: || (&& (== net461) (< net46) (>= netstandard1.6)) (&& (== net471) (< net46)) (== netstandard2.0)
      runtime.native.System.Security.Cryptography.Apple (>= 4.3) - restriction: || (&& (== net461) (< net46) (>= netstandard1.6)) (&& (== net471) (< net46)) (== netstandard2.0)
      runtime.native.System.Security.Cryptography.OpenSsl (>= 4.3) - restriction: || (&& (== net461) (< net46) (>= netstandard1.6)) (&& (== net471) (< net46)) (== netstandard2.0)
      System.Collections (>= 4.3) - restriction: || (&& (== net461) (< net46) (>= netstandard1.6)) (&& (== net471) (< net46)) (== netstandard2.0)
      System.IO (>= 4.3) - restriction: || (&& (== net461) (< net46)) (&& (== net461) (>= net463)) (== net471) (== netstandard2.0)
      System.Resources.ResourceManager (>= 4.3) - restriction: || (&& (== net461) (< net46) (>= netstandard1.6)) (&& (== net471) (< net46)) (== netstandard2.0)
      System.Runtime (>= 4.3) - restriction: || (&& (== net461) (< net46)) (&& (== net461) (>= net463)) (== net471) (== netstandard2.0)
      System.Runtime.Extensions (>= 4.3) - restriction: || (&& (== net461) (< net46) (>= netstandard1.6)) (&& (== net471) (< net46)) (== netstandard2.0)
      System.Runtime.Handles (>= 4.3) - restriction: || (&& (== net461) (< net46) (>= netstandard1.6)) (&& (== net471) (< net46)) (== netstandard2.0)
      System.Runtime.InteropServices (>= 4.3) - restriction: || (&& (== net461) (< net46) (>= netstandard1.6)) (&& (== net471) (< net46)) (== netstandard2.0)
      System.Runtime.Numerics (>= 4.3) - restriction: || (&& (== net461) (< net46) (>= netstandard1.6)) (&& (== net471) (< net46)) (== netstandard2.0)
      System.Security.Cryptography.Encoding (>= 4.3) - restriction: || (&& (== net461) (< net46) (>= netstandard1.6)) (&& (== net461) (>= net463)) (== net471) (== netstandard2.0)
      System.Security.Cryptography.Primitives (>= 4.3)
      System.Text.Encoding (>= 4.3) - restriction: || (&& (== net461) (< net46) (>= netstandard1.6)) (&& (== net471) (< net46)) (== netstandard2.0)
    System.Security.Cryptography.Cng (4.3) - restriction: || (&& (== net461) (< net40) (>= netstandard2.0)) (&& (== net461) (>= netstandard1.6) (>= uap10.0)) (&& (== net471) (< net40)) (&& (== net471) (>= uap10.0)) (== netstandard2.0)
      Microsoft.NETCore.Platforms (>= 1.1) - restriction: || (&& (== net461) (< net46)) (&& (== net471) (< net46)) (== netstandard2.0)
      System.IO (>= 4.3) - restriction: || (&& (== net461) (< net46)) (&& (== net471) (< net46)) (== netstandard2.0)
      System.Resources.ResourceManager (>= 4.3) - restriction: || (&& (== net461) (< net46)) (&& (== net471) (< net46)) (== netstandard2.0)
      System.Runtime (>= 4.3) - restriction: || (&& (== net461) (< net46)) (&& (== net471) (< net46)) (== netstandard2.0)
      System.Runtime.Extensions (>= 4.3) - restriction: || (&& (== net461) (< net46)) (&& (== net471) (< net46)) (== netstandard2.0)
      System.Runtime.Handles (>= 4.3) - restriction: || (&& (== net461) (< net46)) (&& (== net471) (< net46)) (== netstandard2.0)
      System.Runtime.InteropServices (>= 4.3) - restriction: || (&& (== net461) (< net46)) (&& (== net471) (< net46)) (== netstandard2.0)
      System.Security.Cryptography.Algorithms (>= 4.3)
      System.Security.Cryptography.Encoding (>= 4.3) - restriction: || (&& (== net461) (< net46)) (&& (== net471) (< net46)) (== netstandard2.0)
      System.Security.Cryptography.Primitives (>= 4.3)
      System.Text.Encoding (>= 4.3) - restriction: || (&& (== net461) (< net46)) (&& (== net471) (< net46)) (== netstandard2.0)
    System.Security.Cryptography.Csp (4.3) - restriction: || (&& (== net461) (< net40) (>= netstandard2.0)) (&& (== net461) (>= netstandard1.6) (>= uap10.0)) (&& (== net471) (< net40)) (&& (== net471) (>= uap10.0)) (== netstandard2.0)
      Microsoft.NETCore.Platforms (>= 1.1) - restriction: || (&& (== net461) (< net46)) (&& (== net471) (< net46)) (== netstandard2.0)
      System.IO (>= 4.3) - restriction: || (&& (== net461) (< net46)) (&& (== net471) (< net46)) (== netstandard2.0)
      System.Reflection (>= 4.3) - restriction: || (&& (== net461) (< net46)) (&& (== net471) (< net46)) (== netstandard2.0)
      System.Resources.ResourceManager (>= 4.3) - restriction: || (&& (== net461) (< net46)) (&& (== net471) (< net46)) (== netstandard2.0)
      System.Runtime (>= 4.3) - restriction: || (&& (== net461) (< net46)) (&& (== net471) (< net46)) (== netstandard2.0)
      System.Runtime.Extensions (>= 4.3) - restriction: || (&& (== net461) (< net46)) (&& (== net471) (< net46)) (== netstandard2.0)
      System.Runtime.Handles (>= 4.3) - restriction: || (&& (== net461) (< net46)) (&& (== net471) (< net46)) (== netstandard2.0)
      System.Runtime.InteropServices (>= 4.3) - restriction: || (&& (== net461) (< net46)) (&& (== net471) (< net46)) (== netstandard2.0)
      System.Security.Cryptography.Algorithms (>= 4.3)
      System.Security.Cryptography.Encoding (>= 4.3) - restriction: || (&& (== net461) (< net46)) (&& (== net471) (< net46)) (== netstandard2.0)
      System.Security.Cryptography.Primitives (>= 4.3)
      System.Text.Encoding (>= 4.3) - restriction: || (&& (== net461) (< net46)) (&& (== net471) (< net46)) (== netstandard2.0)
      System.Threading (>= 4.3) - restriction: || (&& (== net461) (< net46)) (&& (== net471) (< net46)) (== netstandard2.0)
    System.Security.Cryptography.Encoding (4.3) - restriction: || (&& (== net461) (< net40) (>= netstandard2.0)) (&& (== net461) (>= uap10.0)) (&& (== net471) (< net40)) (&& (== net471) (>= uap10.0)) (== netstandard2.0)
      Microsoft.NETCore.Platforms (>= 1.1) - restriction: || (&& (== net461) (< net46)) (&& (== net471) (< net46)) (== netstandard2.0)
      runtime.native.System.Security.Cryptography.OpenSsl (>= 4.3) - restriction: || (&& (== net461) (< net46)) (&& (== net471) (< net46)) (== netstandard2.0)
      System.Collections (>= 4.3) - restriction: || (&& (== net461) (< net46)) (&& (== net471) (< net46)) (== netstandard2.0)
      System.Collections.Concurrent (>= 4.3) - restriction: || (&& (== net461) (< net46)) (&& (== net471) (< net46)) (== netstandard2.0)
      System.Linq (>= 4.3) - restriction: || (&& (== net461) (< net46)) (&& (== net471) (< net46)) (== netstandard2.0)
      System.Resources.ResourceManager (>= 4.3) - restriction: || (&& (== net461) (< net46)) (&& (== net471) (< net46)) (== netstandard2.0)
      System.Runtime (>= 4.3) - restriction: || (&& (== net461) (< net46)) (&& (== net471) (< net46)) (== netstandard2.0)
      System.Runtime.Extensions (>= 4.3) - restriction: || (&& (== net461) (< net46)) (&& (== net471) (< net46)) (== netstandard2.0)
      System.Runtime.Handles (>= 4.3) - restriction: || (&& (== net461) (< net46)) (&& (== net471) (< net46)) (== netstandard2.0)
      System.Runtime.InteropServices (>= 4.3) - restriction: || (&& (== net461) (< net46)) (&& (== net471) (< net46)) (== netstandard2.0)
      System.Security.Cryptography.Primitives (>= 4.3) - restriction: || (&& (== net461) (< net46)) (&& (== net471) (< net46)) (== netstandard2.0)
      System.Text.Encoding (>= 4.3) - restriction: || (&& (== net461) (< net46)) (&& (== net471) (< net46)) (== netstandard2.0)
    System.Security.Cryptography.OpenSsl (4.3) - restriction: || (&& (== net461) (< net40) (>= netstandard2.0)) (&& (== net461) (>= netstandard1.6) (>= uap10.0)) (&& (== net471) (< net40)) (&& (== net471) (>= uap10.0)) (== netstandard2.0)
      runtime.native.System.Security.Cryptography.OpenSsl (>= 4.3) - restriction: || (&& (== net461) (>= monoandroid)) (&& (== net461) (>= net463)) (&& (== net461) (>= netstandard1.6)) (== net471) (== netstandard2.0)
      System.Collections (>= 4.3) - restriction: || (&& (== net461) (>= netstandard1.6)) (&& (== net471) (< net463)) (== netstandard2.0)
      System.IO (>= 4.3) - restriction: || (&& (== net461) (>= net463)) (&& (== net461) (>= netstandard1.6)) (== net471) (== netstandard2.0)
      System.Resources.ResourceManager (>= 4.3) - restriction: || (&& (== net461) (>= netstandard1.6)) (&& (== net471) (< net463)) (== netstandard2.0)
      System.Runtime (>= 4.3) - restriction: || (&& (== net461) (>= net463)) (&& (== net461) (>= netstandard1.6)) (== net471) (== netstandard2.0)
      System.Runtime.Extensions (>= 4.3) - restriction: || (&& (== net461) (>= net463)) (&& (== net461) (>= netstandard1.6)) (== net471) (== netstandard2.0)
      System.Runtime.Handles (>= 4.3) - restriction: || (&& (== net461) (>= netstandard1.6)) (&& (== net471) (< net463)) (== netstandard2.0)
      System.Runtime.InteropServices (>= 4.3) - restriction: || (&& (== net461) (>= netstandard1.6)) (&& (== net471) (< net463)) (== netstandard2.0)
      System.Runtime.Numerics (>= 4.3) - restriction: || (&& (== net461) (>= netstandard1.6)) (&& (== net471) (< net463)) (== netstandard2.0)
      System.Security.Cryptography.Algorithms (>= 4.3) - restriction: || (&& (== net461) (>= net463)) (&& (== net461) (>= netstandard1.6)) (== net471) (== netstandard2.0)
      System.Security.Cryptography.Encoding (>= 4.3) - restriction: || (&& (== net461) (>= net463)) (&& (== net461) (>= netstandard1.6)) (== net471) (== netstandard2.0)
      System.Security.Cryptography.Primitives (>= 4.3) - restriction: || (&& (== net461) (>= net463)) (&& (== net461) (>= netstandard1.6)) (== net471) (== netstandard2.0)
      System.Text.Encoding (>= 4.3) - restriction: || (&& (== net461) (>= netstandard1.6)) (&& (== net471) (< net463)) (== netstandard2.0)
    System.Security.Cryptography.Primitives (4.3) - restriction: || (&& (== net461) (< net40) (>= netstandard2.0)) (&& (== net461) (>= netstandard1.6) (>= uap10.0)) (&& (== net471) (< net40)) (&& (== net471) (>= uap10.0)) (== netstandard2.0)
      System.Diagnostics.Debug (>= 4.3) - restriction: || (&& (== net461) (< net46)) (&& (== net471) (< net46)) (== netstandard2.0)
      System.Globalization (>= 4.3) - restriction: || (&& (== net461) (< net46)) (&& (== net471) (< net46)) (== netstandard2.0)
      System.IO (>= 4.3) - restriction: || (&& (== net461) (< net46)) (&& (== net471) (< net46)) (== netstandard2.0)
      System.Resources.ResourceManager (>= 4.3) - restriction: || (&& (== net461) (< net46)) (&& (== net471) (< net46)) (== netstandard2.0)
      System.Runtime (>= 4.3) - restriction: || (&& (== net461) (< net46)) (&& (== net471) (< net46)) (== netstandard2.0)
      System.Threading (>= 4.3) - restriction: || (&& (== net461) (< net46)) (&& (== net471) (< net46)) (== netstandard2.0)
      System.Threading.Tasks (>= 4.3) - restriction: || (&& (== net461) (< net46)) (&& (== net471) (< net46)) (== netstandard2.0)
    System.Security.Cryptography.X509Certificates (4.3) - restriction: || (&& (== net461) (< net40) (>= netstandard2.0)) (&& (== net461) (>= uap10.0)) (&& (== net471) (< net40)) (&& (== net471) (>= uap10.0)) (== netstandard2.0)
      Microsoft.NETCore.Platforms (>= 1.1) - restriction: || (&& (== net461) (< net46) (>= netstandard1.6)) (&& (== net471) (< net46)) (== netstandard2.0)
      runtime.native.System (>= 4.3) - restriction: || (&& (== net461) (< net46) (>= netstandard1.6)) (&& (== net471) (< net46)) (== netstandard2.0)
      runtime.native.System.Net.Http (>= 4.3) - restriction: || (&& (== net461) (< net46) (>= netstandard1.6)) (&& (== net471) (< net46)) (== netstandard2.0)
      runtime.native.System.Security.Cryptography.OpenSsl (>= 4.3) - restriction: || (&& (== net461) (< net46) (>= netstandard1.6)) (&& (== net471) (< net46)) (== netstandard2.0)
      System.Collections (>= 4.3) - restriction: || (&& (== net461) (< net46) (>= netstandard1.6)) (&& (== net471) (< net46)) (== netstandard2.0)
      System.Diagnostics.Debug (>= 4.3) - restriction: || (&& (== net461) (< net46) (>= netstandard1.6)) (&& (== net471) (< net46)) (== netstandard2.0)
      System.Globalization (>= 4.3) - restriction: || (&& (== net461) (< net46) (>= netstandard1.6)) (&& (== net471) (< net46)) (== netstandard2.0)
      System.Globalization.Calendars (>= 4.3) - restriction: || (&& (== net461) (< net46) (>= netstandard1.6)) (&& (== net471) (< net46)) (== netstandard2.0)
      System.IO (>= 4.3) - restriction: || (&& (== net461) (< net46) (>= netstandard1.6)) (&& (== net471) (< net46)) (== netstandard2.0)
      System.IO.FileSystem (>= 4.3) - restriction: || (&& (== net461) (< net46) (>= netstandard1.6)) (&& (== net471) (< net46)) (== netstandard2.0)
      System.IO.FileSystem.Primitives (>= 4.3) - restriction: || (&& (== net461) (< net46) (>= netstandard1.6)) (&& (== net471) (< net46)) (== netstandard2.0)
      System.Resources.ResourceManager (>= 4.3) - restriction: || (&& (== net461) (< net46) (>= netstandard1.6)) (&& (== net471) (< net46)) (== netstandard2.0)
      System.Runtime (>= 4.3) - restriction: || (&& (== net461) (< net46)) (&& (== net471) (< net46)) (== netstandard2.0)
      System.Runtime.Extensions (>= 4.3) - restriction: || (&& (== net461) (< net46) (>= netstandard1.6)) (&& (== net471) (< net46)) (== netstandard2.0)
      System.Runtime.Handles (>= 4.3) - restriction: || (&& (== net461) (< net46)) (&& (== net471) (< net46)) (== netstandard2.0)
      System.Runtime.InteropServices (>= 4.3) - restriction: || (&& (== net461) (< net46) (>= netstandard1.6)) (&& (== net471) (< net46)) (== netstandard2.0)
      System.Runtime.Numerics (>= 4.3) - restriction: || (&& (== net461) (< net46) (>= netstandard1.6)) (&& (== net471) (< net46)) (== netstandard2.0)
      System.Security.Cryptography.Algorithms (>= 4.3)
      System.Security.Cryptography.Cng (>= 4.3) - restriction: || (&& (== net461) (< net46) (>= netstandard1.6)) (&& (== net471) (< net46)) (== netstandard2.0)
      System.Security.Cryptography.Csp (>= 4.3) - restriction: || (&& (== net461) (< net46) (>= netstandard1.6)) (&& (== net471) (< net46)) (== netstandard2.0)
      System.Security.Cryptography.Encoding (>= 4.3)
      System.Security.Cryptography.OpenSsl (>= 4.3) - restriction: || (&& (== net461) (< net46) (>= netstandard1.6)) (&& (== net471) (< net46)) (== netstandard2.0)
      System.Security.Cryptography.Primitives (>= 4.3) - restriction: || (&& (== net461) (< net46) (>= netstandard1.6)) (&& (== net471) (< net46)) (== netstandard2.0)
      System.Text.Encoding (>= 4.3) - restriction: || (&& (== net461) (< net46) (>= netstandard1.6)) (&& (== net471) (< net46)) (== netstandard2.0)
      System.Threading (>= 4.3) - restriction: || (&& (== net461) (< net46) (>= netstandard1.6)) (&& (== net471) (< net46)) (== netstandard2.0)
    System.Security.Permissions (4.7) - restriction: || (&& (== net461) (>= netstandard2.0)) (== net471) (== netstandard2.0)
      System.Security.AccessControl (>= 4.7)
    System.Security.Principal.Windows (4.7) - restriction: || (&& (== net461) (>= netcoreapp2.0)) (&& (== net461) (>= netstandard2.0)) (== net471) (== netstandard2.0)
    System.Text.Encoding (4.3) - restriction: || (&& (== net461) (< net40) (>= netstandard2.0)) (&& (== net461) (>= uap10.0)) (&& (== net471) (< net40)) (&& (== net471) (>= uap10.0)) (== netstandard2.0)
      Microsoft.NETCore.Platforms (>= 1.1) - restriction: || (&& (== net461) (< net45)) (&& (== net471) (< net45)) (== netstandard2.0)
      Microsoft.NETCore.Targets (>= 1.1) - restriction: || (&& (== net461) (< net45)) (&& (== net471) (< net45)) (== netstandard2.0)
      System.Runtime (>= 4.3) - restriction: || (&& (== net461) (< net45)) (&& (== net471) (< net45)) (== netstandard2.0)
    System.Text.Encoding.CodePages (4.5.1) - restriction: || (&& (== net461) (>= netstandard2.0)) (== net471) (== netstandard2.0)
      System.Runtime.CompilerServices.Unsafe (>= 4.5.2)
    System.Text.Encoding.Extensions (4.3) - restriction: || (&& (== net461) (< net40)) (&& (== net471) (< net40)) (== netstandard2.0)
      Microsoft.NETCore.Platforms (>= 1.1) - restriction: || (&& (== net461) (< net45)) (&& (== net471) (< net45)) (== netstandard2.0)
      Microsoft.NETCore.Targets (>= 1.1) - restriction: || (&& (== net461) (< net45)) (&& (== net471) (< net45)) (== netstandard2.0)
      System.Runtime (>= 4.3) - restriction: || (&& (== net461) (< net45)) (&& (== net471) (< net45)) (== netstandard2.0)
      System.Text.Encoding (>= 4.3) - restriction: || (&& (== net461) (< net45)) (&& (== net471) (< net45)) (== netstandard2.0)
    System.Text.RegularExpressions (4.3) - restriction: || (&& (== net461) (< net40)) (&& (== net471) (< net40)) (== netstandard2.0)
      System.Collections (>= 4.3) - restriction: || (&& (== net461) (< net45) (>= netstandard1.6)) (&& (== net471) (< net45)) (== netstandard2.0)
      System.Globalization (>= 4.3) - restriction: || (&& (== net461) (< net45) (>= netstandard1.6)) (&& (== net471) (< net45)) (== netstandard2.0)
      System.Resources.ResourceManager (>= 4.3) - restriction: || (&& (== net461) (< net45) (>= netstandard1.6)) (&& (== net471) (< net45)) (== netstandard2.0)
      System.Runtime (>= 4.3) - restriction: || (&& (== net461) (< net45)) (&& (== net461) (>= netcoreapp1.1)) (&& (== net471) (< net45)) (&& (== net471) (>= netcoreapp1.1)) (== netstandard2.0)
      System.Runtime.Extensions (>= 4.3) - restriction: || (&& (== net461) (< net45) (>= netstandard1.6)) (&& (== net471) (< net45)) (== netstandard2.0)
      System.Threading (>= 4.3) - restriction: || (&& (== net461) (< net45) (>= netstandard1.6)) (&& (== net471) (< net45)) (== netstandard2.0)
    System.Threading (4.3) - restriction: || (&& (== net461) (< net40) (>= netstandard2.0)) (&& (== net461) (>= uap10.0)) (&& (== net471) (< net40)) (&& (== net471) (>= uap10.0)) (== netstandard2.0)
      System.Runtime (>= 4.3) - restriction: || (&& (== net461) (< net45)) (&& (== net471) (< net45)) (== netstandard2.0)
      System.Threading.Tasks (>= 4.3) - restriction: || (&& (== net461) (< net45)) (&& (== net471) (< net45)) (== netstandard2.0)
    System.Threading.Tasks (4.3) - restriction: || (&& (== net461) (< net40) (>= netstandard2.0)) (&& (== net461) (>= uap10.0)) (&& (== net471) (< net40)) (&& (== net471) (>= uap10.0)) (== netstandard2.0)
      Microsoft.NETCore.Platforms (>= 1.1) - restriction: || (&& (== net461) (< net45)) (&& (== net471) (< net45)) (== netstandard2.0)
      Microsoft.NETCore.Targets (>= 1.1) - restriction: || (&& (== net461) (< net45)) (&& (== net471) (< net45)) (== netstandard2.0)
      System.Runtime (>= 4.3) - restriction: || (&& (== net461) (< net45)) (&& (== net471) (< net45)) (== netstandard2.0)
    System.Threading.Tasks.Extensions (4.5.4) - restriction: || (&& (== net461) (< net40)) (&& (== net461) (>= netstandard2.0)) (== net471) (== netstandard2.0)
      System.Runtime.CompilerServices.Unsafe (>= 4.5.3)
    System.Xml.ReaderWriter (4.3) - restriction: || (&& (== net461) (< net40)) (&& (== net471) (< net40)) (== netstandard2.0)
      System.Collections (>= 4.3) - restriction: || (&& (== net461) (< net45)) (&& (== net471) (< net45)) (== netstandard2.0)
      System.Diagnostics.Debug (>= 4.3) - restriction: || (&& (== net461) (< net45)) (&& (== net471) (< net45)) (== netstandard2.0)
      System.Globalization (>= 4.3) - restriction: || (&& (== net461) (< net45)) (&& (== net471) (< net45)) (== netstandard2.0)
      System.IO (>= 4.3) - restriction: || (&& (== net461) (< net45)) (&& (== net471) (< net45)) (== netstandard2.0)
      System.IO.FileSystem (>= 4.3) - restriction: || (&& (== net461) (< net45)) (&& (== net471) (< net45)) (== netstandard2.0)
      System.IO.FileSystem.Primitives (>= 4.3) - restriction: || (&& (== net461) (< net45)) (&& (== net471) (< net45)) (== netstandard2.0)
      System.Resources.ResourceManager (>= 4.3) - restriction: || (&& (== net461) (< net45)) (&& (== net471) (< net45)) (== netstandard2.0)
      System.Runtime (>= 4.3) - restriction: || (&& (== net461) (< net45)) (&& (== net471) (< net45)) (== netstandard2.0)
      System.Runtime.Extensions (>= 4.3) - restriction: || (&& (== net461) (< net45)) (&& (== net471) (< net45)) (== netstandard2.0)
      System.Runtime.InteropServices (>= 4.3) - restriction: || (&& (== net461) (< net45)) (&& (== net471) (< net45)) (== netstandard2.0)
      System.Text.Encoding (>= 4.3) - restriction: || (&& (== net461) (< net45)) (&& (== net471) (< net45)) (== netstandard2.0)
      System.Text.Encoding.Extensions (>= 4.3) - restriction: || (&& (== net461) (< net45)) (&& (== net471) (< net45)) (== netstandard2.0)
      System.Text.RegularExpressions (>= 4.3) - restriction: || (&& (== net461) (< net45)) (&& (== net471) (< net45)) (== netstandard2.0)
      System.Threading.Tasks (>= 4.3) - restriction: || (&& (== net461) (< net45)) (&& (== net471) (< net45)) (== netstandard2.0)
      System.Threading.Tasks.Extensions (>= 4.3) - restriction: || (&& (== net461) (< net45)) (&& (== net471) (< net45)) (== netstandard2.0)
    System.Xml.XmlDocument (4.3) - restriction: || (&& (== net461) (< net40)) (&& (== net471) (< net40)) (== netstandard2.0)
      System.Collections (>= 4.3) - restriction: || (&& (== net461) (< net46)) (&& (== net471) (< net46)) (== netstandard2.0)
      System.Diagnostics.Debug (>= 4.3) - restriction: || (&& (== net461) (< net46)) (&& (== net471) (< net46)) (== netstandard2.0)
      System.Globalization (>= 4.3) - restriction: || (&& (== net461) (< net46)) (&& (== net471) (< net46)) (== netstandard2.0)
      System.IO (>= 4.3) - restriction: || (&& (== net461) (< net46)) (&& (== net471) (< net46)) (== netstandard2.0)
      System.Resources.ResourceManager (>= 4.3) - restriction: || (&& (== net461) (< net46)) (&& (== net471) (< net46)) (== netstandard2.0)
      System.Runtime (>= 4.3) - restriction: || (&& (== net461) (< net46)) (&& (== net471) (< net46)) (== netstandard2.0)
      System.Runtime.Extensions (>= 4.3) - restriction: || (&& (== net461) (< net46)) (&& (== net471) (< net46)) (== netstandard2.0)
      System.Text.Encoding (>= 4.3) - restriction: || (&& (== net461) (< net46)) (&& (== net471) (< net46)) (== netstandard2.0)
      System.Threading (>= 4.3) - restriction: || (&& (== net461) (< net46)) (&& (== net471) (< net46)) (== netstandard2.0)
      System.Xml.ReaderWriter (>= 4.3) - restriction: || (&& (== net461) (< net46)) (&& (== net471) (< net46)) (== netstandard2.0)
    System.Xml.XPath (4.3) - restriction: || (&& (== net461) (< net40)) (&& (== net461) (>= uap10.0)) (&& (== net471) (< net40)) (&& (== net471) (>= uap10.0)) (== netstandard2.0)
      System.Collections (>= 4.3) - restriction: || (&& (== net461) (< net46)) (&& (== net471) (< net46)) (== netstandard2.0)
      System.Diagnostics.Debug (>= 4.3) - restriction: || (&& (== net461) (< net46)) (&& (== net471) (< net46)) (== netstandard2.0)
      System.Globalization (>= 4.3) - restriction: || (&& (== net461) (< net46)) (&& (== net471) (< net46)) (== netstandard2.0)
      System.IO (>= 4.3) - restriction: || (&& (== net461) (< net46)) (&& (== net471) (< net46)) (== netstandard2.0)
      System.Resources.ResourceManager (>= 4.3) - restriction: || (&& (== net461) (< net46)) (&& (== net471) (< net46)) (== netstandard2.0)
      System.Runtime (>= 4.3) - restriction: || (&& (== net461) (< net46)) (&& (== net471) (< net46)) (== netstandard2.0)
      System.Runtime.Extensions (>= 4.3) - restriction: || (&& (== net461) (< net46)) (&& (== net471) (< net46)) (== netstandard2.0)
      System.Threading (>= 4.3) - restriction: || (&& (== net461) (< net46)) (&& (== net471) (< net46)) (== netstandard2.0)
      System.Xml.ReaderWriter (>= 4.3) - restriction: || (&& (== net461) (< net46)) (&& (== net471) (< net46)) (== netstandard2.0)
    System.Xml.XPath.XmlDocument (4.3) - restriction: || (&& (== net461) (< net40)) (&& (== net461) (>= uap10.0)) (&& (== net471) (< net40)) (&& (== net471) (>= uap10.0)) (== netstandard2.0)
      System.Collections (>= 4.3) - restriction: || (&& (== net461) (< net46)) (&& (== net471) (< net46)) (== netstandard2.0)
      System.Globalization (>= 4.3) - restriction: || (&& (== net461) (< net46)) (&& (== net471) (< net46)) (== netstandard2.0)
      System.IO (>= 4.3) - restriction: || (&& (== net461) (< net46)) (&& (== net471) (< net46)) (== netstandard2.0)
      System.Resources.ResourceManager (>= 4.3) - restriction: || (&& (== net461) (< net46)) (&& (== net471) (< net46)) (== netstandard2.0)
      System.Runtime (>= 4.3) - restriction: || (&& (== net461) (< net46)) (&& (== net471) (< net46)) (== netstandard2.0)
      System.Runtime.Extensions (>= 4.3) - restriction: || (&& (== net461) (< net46)) (&& (== net471) (< net46)) (== netstandard2.0)
      System.Threading (>= 4.3) - restriction: || (&& (== net461) (< net46)) (&& (== net471) (< net46)) (== netstandard2.0)
      System.Xml.ReaderWriter (>= 4.3) - restriction: || (&& (== net461) (< net46)) (&& (== net471) (< net46)) (== netstandard2.0)
      System.Xml.XmlDocument (>= 4.3)
      System.Xml.XPath (>= 4.3)
  remote: https://daily.websharper.com/nuget
    WebSharper (5.0.0.7-preview1)
      FSharp.Core (>= 5.0)
      System.Reflection.Emit.Lightweight (>= 4.3)
    WebSharper.CSharp (5.0.0.7-preview1)
      WebSharper (5.0.0.7-preview1)
    WebSharper.FSharp (5.0.0.7-preview1)
      WebSharper (5.0.0.7-preview1)
    WebSharper.Testing (5.0.0.7-preview1)
      WebSharper (5.0.0.7-preview1)
GITHUB
  remote: fsprojects/FSharp.TypeProviders.SDK
    src/ProvidedTypes.fs (a09c88b03fb79b5dd4cde68e260ffad42f55dbaa)
    src/ProvidedTypes.fsi (a09c88b03fb79b5dd4cde68e260ffad42f55dbaa)
GROUP includes
REFERENCES: STRICT
NUGET
  remote: https://api.nuget.org/v3/index.json
    Microsoft.NETCore.Platforms (5.0) - restriction: == netstandard2.0
    NETStandard.Library (2.0.3) - restriction: == netstandard2.0
      Microsoft.NETCore.Platforms (>= 1.1) - restriction: || (&& (>= net45) (< netstandard1.3)) (&& (< net45) (>= netstandard1.1) (< netstandard1.2) (< win8)) (&& (< net45) (>= netstandard1.2) (< netstandard1.3) (< win8) (< wpa81)) (&& (< net45) (>= netstandard1.3) (< netstandard1.4) (< win8) (< wpa81)) (&& (< net45) (>= netstandard1.4) (< netstandard1.5) (< win8) (< wpa81)) (&& (< net45) (>= netstandard1.5) (< netstandard1.6) (< win8) (< wpa81)) (&& (< net45) (>= netstandard1.6) (< netstandard2.0) (< win8) (< wpa81)) (&& (< net45) (>= netstandard2.0)) (&& (>= net46) (< netstandard1.4)) (>= net461) (>= netcoreapp2.0) (&& (>= netstandard1.0) (< portable-net45+win8+wpa81)) (&& (< netstandard1.0) (>= portable-net45+win8) (< win8)) (&& (< netstandard1.0) (< portable-net45+win8) (>= portable-net45+win8+wpa81)) (&& (< netstandard1.0) (>= portable-net45+win8+wp8+wpa81) (< portable-net45+win8+wpa81)) (&& (< netstandard1.0) (>= win8)) (&& (< netstandard1.3) (< win8) (>= wpa81)) (&& (< netstandard1.5) (>= uap10.0)) (>= uap10.1) (>= wp8)
GITHUB
  remote: dotnet-websharper/websharper
    src/htmllib/tags.csv (6f68bf63052acd091864a4da92e19bbfc2fb8fb0)
GROUP wsbuild

GIT
  remote: https://github.com/dotnet-websharper/build-script
     (7155f2cb840374092cbe8eb2c8f1399c5c97f4af)