RESTRICTION: || (== net461) (== net471)
NUGET
  remote: https://api.nuget.org/v3/index.json
    FSharp.Core (4.2.3)
    HtmlAgilityPack (1.6.17)
    Microsoft.CodeAnalysis.Analyzers (1.0)
    Microsoft.CodeAnalysis.Common (1.0)
      Microsoft.CodeAnalysis.Analyzers (1.0)
      System.Collections.Immutable (>= 1.1.36)
      System.Reflection.Metadata (>= 1.0.21)
    Microsoft.CodeAnalysis.CSharp (1.0)
      Microsoft.CodeAnalysis.Common (1.0)
    System.Collections.Immutable (1.5)
    System.Reflection.Metadata (1.6)
      System.Collections.Immutable (>= 1.5)
    System.ValueTuple (4.3)
  remote: https://nuget.intellifactory.com/nuget
    WebSharper (4.3.0.274)
    WebSharper.CSharp (4.3.0.274)
      WebSharper (4.3.0.274)
    WebSharper.FSharp (4.3.0.274)
      WebSharper (4.3.0.274)
    WebSharper.Testing (4.3.0.274)
      WebSharper (4.3.0.274)
GITHUB
  remote: fsprojects/FSharp.TypeProviders.SDK
    src/ProvidedTypes.fs (1d9f236c03e749712b069c4fed51aec40a3c1601)
    src/ProvidedTypes.fsi (1d9f236c03e749712b069c4fed51aec40a3c1601)
GROUP build
RESTRICTION: == net45
NUGET
  remote: https://api.nuget.org/v3/index.json
    Chessie (0.6)
      FSharp.Core
    FAKE (5.1)
    FSharp.Compiler.Tools (10.0.2)
    FSharp.Core (4.5)
    Mono.Cecil (0.10)
    Newtonsoft.Json (11.0.2)
    Paket.Core (5.141)
      Chessie (>= 0.6)
      FSharp.Compiler.Tools
      FSharp.Core
      Mono.Cecil (>= 0.10.0-beta6)
      Newtonsoft.Json

GROUP wsbuild

GIT
  remote: https://github.com/dotnet-websharper/build-script
     (d57d7d132dbd715f9d3c0d942e845d76039a0470)