STRATEGY: MIN
RESTRICTION: || (== net40) (== net45)
NUGET
  remote: https://api.nuget.org/v3/index.json
    FSharp.Core (4.0.0.1)
    HtmlAgilityPack (1.6.15)
    Microsoft.CodeAnalysis.Analyzers (1.0)
    Microsoft.CodeAnalysis.Common (1.0)
      Microsoft.CodeAnalysis.Analyzers (1.0)
      System.Collections.Immutable (>= 1.1.36)
      System.Reflection.Metadata (>= 1.0.21)
    Microsoft.CodeAnalysis.CSharp (1.0)
      Microsoft.CodeAnalysis.Common (1.0)
    System.Collections.Immutable (1.1.36)
    System.Reflection.Metadata (1.0.21)
      System.Collections.Immutable (>= 1.1.36)
    System.ValueTuple (4.3)
    WebSharper (4.1.3.184)
    WebSharper.CSharp (4.1.3.184)
      WebSharper (4.1.3.184)
    WebSharper.FSharp (4.1.3.184)
      WebSharper (4.1.3.184)
    WebSharper.Testing (4.1.3.184)
      WebSharper (4.1.3.184)
GITHUB
  remote: fsprojects/FSharp.TypeProviders.SDK
    src/ProvidedTypes.fs (b6d5c949e46c34f051e2adf88170e1a2d20cbfd9)
    src/ProvidedTypes.fsi (b6d5c949e46c34f051e2adf88170e1a2d20cbfd9)
GROUP build
RESTRICTION: == net45
NUGET
  remote: https://api.nuget.org/v3/index.json
    Chessie (0.6)
      FSharp.Core
    FAKE (4.64.4)
    FSharp.Compiler.Tools (4.1.29)
    FSharp.Core (4.2.3)
    Mono.Cecil (0.10.0-beta7)
    Newtonsoft.Json (10.0.3)
    Paket.Core (5.122.3)
      Chessie (>= 0.6)
      FSharp.Compiler.Tools
      FSharp.Core
      Mono.Cecil (>= 0.10.0-beta6)
      Newtonsoft.Json
GITHUB
  remote: intellifactory/websharper
    tools/WebSharper.Fake.cmd (664381060da9ebf30559c22706652b3ac4b49f51)
    tools/WebSharper.Fake.fsx (664381060da9ebf30559c22706652b3ac4b49f51)
    tools/WebSharper.Fake.sh (664381060da9ebf30559c22706652b3ac4b49f51)